GEM
  remote: https://rubygems.org/
  specs:
    parslet (1.8.0)
    rake (12.3.3)
    thor (0.19.4)
    vim-flavor (2.2.1)
      parslet (~> 1.7)
      thor (~> 0.19)

PLATFORMS
  ruby

DEPENDENCIES
  rake
  vim-flavor

BUNDLED WITH
   1.14.6
